{
	"TaskName": "imagery",
	"Manufacturer": "ZhenTec EEG system",
	"PowerLineFrequency": 50.0,
	"SamplingFrequency": 500.0,
	"SoftwareFilters": "n/a",
	"RecordingDuration": 1172.998,
	"RecordingType": "continuous",
	"EEGReference": "CPz",
	"EEGGround": "FPz",
	"EEGPlacementScheme": "10-05 system",
	"EEGChannelCount": 30,
	"EOGChannelCount": 0,
	"ECGChannelCount": 0,
	"EMGChannelCount": 0,
	"TriggerChannelCount": 0,
	"ManufacturersModelName": "ZhenTec EEG system",
	"SoftwareVersions": "n/a",
	"HardwareFilters": "n/a",
	"TaskDescription": "2-class lower-limb MI (left/right leg flexion/extension). 5 sessions, 100 trials per session. Trial duration: 4.0s, imagery: 4.0s.",
	"Instructions": "n/a",
	"CogAtlasID": "https://www.cognitiveatlas.org/task/id/trm_4c8a834779883/",
	"InstitutionName": "Air Force Medical Center, Beijing",
	"InstitutionAddress": "CN",
	"InstitutionalDepartmentName": "n/a",
	"CapManufacturer": "n/a",
	"CapManufacturersModelName": "n/a",
	"SubjectArtefactDescription": "n/a",
	"DeviceSerialNumber": "n/a",
	"Description": "EEG recording.",
	"MISCChannelCount": 0
}